PATH
  remote: .
  specs:
    looking_glass (0.0.1)
      graphql (~> 1.2)
      graphql-batch (~> 0.2)
      method_source (~> 0.8)
      rack (~> 2.0)

GEM
  remote: https://rubygems.org/
  specs:
    graphql (1.2.4)
    graphql-batch (0.2.5)
      graphql (>= 0.8, < 2)
      promise.rb (~> 0.7.0.rc2)
    method_source (0.8.2)
    minitest (5.9.1)
    promise.rb (0.7.2)
    rack (2.0.1)

PLATFORMS
  ruby

DEPENDENCIES
  looking_glass!
  minitest (~> 5.0)

BUNDLED WITH
   1.13.6
