PATH
  remote: .
  specs:
    looking_glass (0.0.1)
      method_source (~> 0.8.2)

GEM
  remote: https://rubygems.org/
  specs:
    method_source (0.8.2)
    mspec (1.9.1)

PLATFORMS
  ruby

DEPENDENCIES
  looking_glass!
  mspec (~> 1.9.1)

BUNDLED WITH
   1.13.6
